PATH
  remote: .
  specs:
    parallel_appium (0.2.5)

GEM
  remote: https://rubygems.org/
  specs:
    appium_lib (9.14.1)
      appium_lib_core (~> 1.7.0)
      nokogiri (~> 1.8, >= 1.8.1)
      tomlrb (~> 1.1)
    appium_lib_core (1.7.0)
      faye-websocket (~> 0.10.0)
      selenium-webdriver (~> 3.5)
    childprocess (0.9.0)
      ffi (~> 1.0, >= 1.0.11)
    diff-lcs (1.3)
    eventmachine (1.2.7)
    faye-websocket (0.10.7)
      eventmachine (>= 0.12.0)
      websocket-driver (>= 0.5.1)
    ffi (1.9.25)
    json (1.8.6)
    mini_portile2 (2.8.0)
    nokogiri (1.13.3)
      mini_portile2 (~> 2.8.0)
      racc (~> 1.4)
    parallel (1.12.1)
    parallel_tests (2.21.3)
      parallel
    racc (1.6.0)
    rake (10.5.0)
    rspec (3.7.0)
      rspec-core (~> 3.7.0)
      rspec-expectations (~> 3.7.0)
      rspec-mocks (~> 3.7.0)
    rspec-core (3.7.1)
      rspec-support (~> 3.7.0)
    rspec-expectations (3.7.0)
      diff-lcs (>= 1.2.0, < 2.0)
      rspec-support (~> 3.7.0)
    rspec-mocks (3.7.0)
      diff-lcs (>= 1.2.0, < 2.0)
      rspec-support (~> 3.7.0)
    rspec-support (3.7.1)
    rubyzip (1.2.1)
    selenium-webdriver (3.12.0)
      childprocess (~> 0.5)
      rubyzip (~> 1.2)
    tomlrb (1.2.6)
    websocket-driver (0.7.0)
      websocket-extensions (>= 0.1.0)
    websocket-extensions (0.1.3)

PLATFORMS
  ruby

DEPENDENCIES
  appium_lib (~> 9.14)
  bundler (~> 1.16)
  json (~> 1.8)
  parallel (~> 1.12)
  parallel_appium!
  parallel_tests (~> 2.21)
  rake (~> 10.0)
  rspec (~> 3.0)

BUNDLED WITH
   1.16.2
